PATH
  remote: /Users/fnichol/Projects/github/capistrano-lastmile
  specs:
    capistrano-lastmile (0.0.1)
      capistrano (~> 2.5.19)
      rvm (~> 1.2)

GEM
  remote: http://rubygems.org/
  specs:
    capistrano (2.5.19)
      highline
      net-scp (>= 1.0.0)
      net-sftp (>= 2.0.0)
      net-ssh (>= 2.0.14)
      net-ssh-gateway (>= 1.0.0)
    capistrano-ext (1.2.1)
      capistrano (>= 1.0.0)
    highline (1.6.1)
    net-scp (1.0.4)
      net-ssh (>= 1.99.1)
    net-sftp (2.0.5)
      net-ssh (>= 2.0.9)
    net-ssh (2.1.0)
    net-ssh-gateway (1.0.1)
      net-ssh (>= 1.99.1)
    rack (1.2.1)
    rvm (1.2.7)

PLATFORMS
  ruby

DEPENDENCIES
  capistrano-ext
  capistrano-lastmile!
  rack
